GEM
  remote: https://rubygems.org/
  specs:
    rack (2.0.9.2)
    webrick (1.8.1)

PLATFORMS
  arm64-darwin-21

DEPENDENCIES
  rack (~> 2.0.1)
  webrick

BUNDLED WITH
   2.3.3
